PATH
  remote: .
  specs:
    pdf-checker (0.1.0)
      clir
      pdf-inspector

GEM
  remote: https://rubygems.org/
  specs:
    Ascii85 (1.1.0)
    afm (0.2.2)
    ascii85_native (1.0.3)
      ffi (~> 1.15, >= 1.15.0)
    clir (0.15.1)
      json
      tty-prompt
    ffi (1.15.5)
    hashery (2.1.2)
    iconv (1.0.8)
    json (2.6.3)
    minitest (5.16.3)
    minitest-color (0.0.2)
      minitest (~> 5)
    pastel (0.8.0)
      tty-color (~> 0.5)
    pdf-inspector (1.3.0)
      pdf-reader (>= 1.0, < 3.0.a)
    pdf-reader (2.11.0)
      Ascii85 (~> 1.0)
      afm (~> 0.2.1)
      hashery (~> 2.0)
      ruby-rc4
      ttfunk
    rake (12.3.3)
    ruby-rc4 (0.1.5)
    ttfunk (1.7.0)
    tty-color (0.6.0)
    tty-cursor (0.7.1)
    tty-prompt (0.23.1)
      pastel (~> 0.8)
      tty-reader (~> 0.8)
    tty-reader (0.9.0)
      tty-cursor (~> 0.7)
      tty-screen (~> 0.8)
      wisper (~> 2.0)
    tty-screen (0.8.1)
    wisper (2.0.1)

PLATFORMS
  ruby

DEPENDENCIES
  ascii85_native
  iconv
  minitest (~> 5.0)
  minitest-color
  pdf-checker!
  pdf-inspector
  pdf-reader
  rake (~> 12.0)

BUNDLED WITH
   2.1.4
